PATH
  remote: .
  specs:
    countries (0.9.3)
      currencies (~> 0.4.2)

GEM
  remote: https://rubygems.org/
  specs:
    builder (3.2.2)
    currencies (0.4.2)
    diff-lcs (1.1.3)
    faraday (0.9.2)
      multipart-post (>= 1.2, < 3)
    geminabox (0.12.4)
      builder
      faraday
      httpclient (>= 2.2.7)
      nesty
      sinatra (>= 1.2.7)
    httpclient (2.7.0.1)
    multipart-post (2.0.0)
    nesty (1.0.2)
    rack (1.6.4)
    rack-protection (1.5.3)
      rack
    rake (0.9.2.2)
    rspec (2.10.0)
      rspec-core (~> 2.10.0)
      rspec-expectations (~> 2.10.0)
      rspec-mocks (~> 2.10.0)
    rspec-core (2.10.0)
    rspec-expectations (2.10.0)
      diff-lcs (~> 1.1.3)
    rspec-mocks (2.10.1)
    sinatra (1.4.6)
      rack (~> 1.4)
      rack-protection (~> 1.4)
      tilt (>= 1.3, < 3)
    tilt (2.0.1)
    yard (0.6.4)

PLATFORMS
  ruby

DEPENDENCIES
  countries!
  geminabox (~> 0.12.4)
  rake
  rspec
  yard

BUNDLED WITH
   1.10.6
